GEM
  remote: https://rubygems.org/
  specs:
    activesupport (5.0.0.1)
      concurrent-ruby (~> 1.0, >= 1.0.2)
      i18n (~> 0.7)
      minitest (~> 5.1)
      tzinfo (~> 1.1)
    awesome_print (1.7.0)
    byebug (9.0.5)
    colorize (0.8.1)
    concurrent-ruby (1.0.2)
    i18n (0.7.0)
    letters (0.4.1)
      activesupport
      awesome_print
      colorize
      xml-simple
    minitest (5.9.0)
    testrocket (0.0.2)
    thread_safe (0.3.5)
    tzinfo (1.2.2)
      thread_safe (~> 0.1)
    xml-simple (1.1.5)

PLATFORMS
  ruby

DEPENDENCIES
  byebug
  colorize (~> 0.8.1)
  letters
  testrocket

BUNDLED WITH
   1.12.5
